GEM
  remote: https://rubygems.org/
  specs:
    colorize (0.8.1)
    docile (1.3.5)
    logger (1.4.3)
    optparse (0.1.0)
    power_assert (2.0.0)
    rake (13.0.3)
    simplecov (0.21.2)
      docile (~> 1.1)
      simplecov-html (~> 0.11)
      simplecov_json_formatter (~> 0.1)
    simplecov-html (0.12.3)
    simplecov_json_formatter (0.1.2)
    strscan (3.0.0)
    test-unit (3.4.0)
      power_assert

PLATFORMS
  x86_64-linux

DEPENDENCIES
  colorize
  logger
  optparse
  power_assert
  rake
  simplecov
  strscan
  test-unit

BUNDLED WITH
   2.2.5
